GEM
  remote: https://rubygems.org/
  specs:
    base64 (0.2.0)
    event_emitter (0.2.6)
    mutex_m (0.3.0)
    websocket (1.2.11)
    websocket-client-simple (0.9.0)
      base64
      event_emitter
      mutex_m
      websocket

PLATFORMS
  ruby
  x86_64-linux-gnu

DEPENDENCIES
  websocket-client-simple

BUNDLED WITH
   2.6.3
